GEM
  remote: https://rubygems.org/
  specs:
    awesome_print (1.6.1)
    debase (0.1.4)
      debase-ruby_core_source
    debase-ruby_core_source (0.7.5)
    diff-lcs (1.2.5)
    rake (10.4.2)
    rspec (3.1.0)
      rspec-core (~> 3.1.0)
      rspec-expectations (~> 3.1.0)
      rspec-mocks (~> 3.1.0)
    rspec-core (3.1.7)
      rspec-support (~> 3.1.0)
    rspec-expectations (3.1.2)
      diff-lcs (>= 1.2.0, < 2.0)
      rspec-support (~> 3.1.0)
    rspec-mocks (3.1.3)
      rspec-support (~> 3.1.0)
    rspec-support (3.1.2)
    ruby-debug-ide (0.4.32)
      rake (>= 0.8.1)

PLATFORMS
  ruby

DEPENDENCIES
  awesome_print
  debase
  rspec
  ruby-debug-ide

BUNDLED WITH
   1.10.5
